GEM
  remote: https://rubygems.org/
  specs:
    dotenv (2.1.0)
    nenv (0.3.0)
    slack-notifier (1.5.1)

PLATFORMS
  ruby

DEPENDENCIES
  dotenv (~> 2.1)
  nenv (~> 0.3)
  slack-notifier (~> 1.5)

BUNDLED WITH
   1.10.6
